GIT
  remote: https://github.com/ainoya/git-pr-release
  revision: 23ac7e6dd8d78f0b2571a49f8cd269494dd390e9
  specs:
    git-pr-release (1.4.0)
      colorize
      diff-lcs
      highline
      octokit

GEM
  remote: https://rubygems.org/
  specs:
    addressable (2.7.0)
      public_suffix (>= 2.0.2, < 5.0)
    colorize (0.8.1)
    diff-lcs (1.4.4)
    faraday (0.15.4)
      multipart-post (>= 1.2, < 3)
    highline (2.0.3)
    multipart-post (2.1.1)
    octokit (4.21.0)
      faraday (>= 0.9)
      sawyer (~> 0.8.0, >= 0.5.3)
    public_suffix (4.0.6)
    sawyer (0.8.2)
      addressable (>= 2.3.5)
      faraday (> 0.8, < 2.0)

PLATFORMS
  ruby

DEPENDENCIES
  faraday (= 0.15.4)
  git-pr-release!

BUNDLED WITH
   2.1.4
