GIT
  remote: https://github.com/ainoya/git-pr-release
  revision: 8e6b8594255bddc0e5c818bab7abf9ac25d4ddc4
  specs:
    git-pr-release (0.9.0)
      colorize
      diff-lcs
      highline
      octokit

GEM
  remote: https://rubygems.org/
  specs:
    addressable (2.7.0)
      public_suffix (>= 2.0.2, < 5.0)
    colorize (0.8.1)
    diff-lcs (1.3)
    faraday (0.15.4)
      multipart-post (>= 1.2, < 3)
    highline (2.0.3)
    multipart-post (2.1.1)
    octokit (4.14.0)
      sawyer (~> 0.8.0, >= 0.5.3)
    public_suffix (4.0.1)
    sawyer (0.8.2)
      addressable (>= 2.3.5)
      faraday (> 0.8, < 2.0)

PLATFORMS
  ruby

DEPENDENCIES
  faraday (= 0.15.4)
  git-pr-release!

BUNDLED WITH
   1.17.2
